GEM
  remote: http://rubygems.org/
  specs:
    builder (3.2.3)
    c21e (2.0.0)
    childprocess (2.0.0)
      rake (< 13.0)
    coderay (1.1.2)
    colorize (0.8.1)
    cucumber (2.2.0)
      builder (>= 2.1.2)
      cucumber-core (~> 1.3.0)
      cucumber-wire (~> 0.0.1)
      diff-lcs (>= 1.1.3)
      event-bus (~> 0.1.0)
      gherkin3 (~> 3.1.0)
      multi_json (>= 1.7.5, < 2.0)
      multi_test (>= 0.1.2)
    cucumber-core (1.3.1)
      gherkin3 (~> 3.1.0)
    cucumber-messages (5.0.1)
      google-protobuf (>= 3.2, <= 3.8)
    cucumber-wire (0.0.1)
    diff-lcs (1.3)
    event-bus (0.1.0)
    gherkin (7.0.4)
      c21e (~> 2.0, >= 2.0.0)
      cucumber-messages (~> 5.0, >= 5.0.1)
    gherkin3 (3.1.2)
    google-protobuf (3.8.0)
    json (2.2.0)
    method_source (0.9.2)
    multi_json (1.13.1)
    multi_test (0.1.2)
    nenv (0.3.0)
    pry (0.12.2)
      coderay (~> 1.1.0)
      method_source (~> 0.9.0)
    rake (12.3.3)
    regexp_parser (1.6.0)
    rspec (3.8.0)
      rspec-core (~> 3.8.0)
      rspec-expectations (~> 3.8.0)
      rspec-mocks (~> 3.8.0)
    rspec-core (3.8.2)
      rspec-support (~> 3.8.0)
    rspec-expectations (3.8.4)
      diff-lcs (>= 1.2.0, < 2.0)
      rspec-support (~> 3.8.0)
    rspec-mocks (3.8.1)
      diff-lcs (>= 1.2.0, < 2.0)
      rspec-support (~> 3.8.0)
    rspec-support (3.8.2)
    rubyzip (1.2.4)
    selenium-webdriver (3.142.4)
      childprocess (>= 0.5, < 3.0)
      rubyzip (~> 1.2, >= 1.2.2)
    watir (6.16.5)
      regexp_parser (~> 1.2)
      selenium-webdriver (~> 3.6)

PLATFORMS
  ruby

DEPENDENCIES
  bundler
  colorize
  cucumber
  gherkin
  json
  nenv
  pry
  rspec
  watir

BUNDLED WITH
   2.0.2
